GEM
  remote: https://rubygems.org/
  specs:
    builder (3.2.0)
    coderay (1.0.9)
    excon (0.20.1)
    fog (1.10.1)
      builder
      excon (~> 0.20)
      formatador (~> 0.2.0)
      mime-types
      multi_json (~> 1.0)
      net-scp (~> 1.1)
      net-ssh (>= 2.1.3)
      nokogiri (~> 1.5.0)
      ruby-hmac
    formatador (0.2.4)
    method_source (0.8.1)
    mime-types (1.23)
    multi_json (1.7.2)
    net-scp (1.1.0)
      net-ssh (>= 2.6.5)
    net-ssh (2.6.7)
    nokogiri (1.5.9)
    pry (0.9.12.1)
      coderay (~> 1.0.5)
      method_source (~> 0.8)
      slop (~> 3.4)
    ruby-hmac (0.4.0)
    slop (3.4.4)

PLATFORMS
  ruby

DEPENDENCIES
  fog
  pry
